GEM
  remote: https://rubygems.org/
  specs:
    sinatra (1.4.6)
      rack (~> 1.4)
      rack-protection (~> 1.4)
      tilt (>= 1.3, < 3)
    tilt (2.0.1)

PLATFORMS
  ruby

DEPENDENCIES
  sinatra (~> 1.4.0)

BUNDLED WITH
   1.11.2
